GEM
  remote: https://rubygems.org/
  specs:
    backports (3.6.4)
    celluloid (0.12.4)
      facter (>= 1.6.12)
      timers (>= 1.0.0)
    childprocess (0.5.5)
      ffi (~> 1.0, >= 1.0.11)
    choice (0.1.6)
    erubis (2.7.0)
    facter (2.3.0)
    ffi (1.9.6-java)
    hitimes (1.2.2-java)
    httpclient (2.5.3.3)
    ltsv (0.1.0)
    mizuno (0.6.8)
      childprocess (>= 0.2.6)
      choice (>= 0.1.0)
      ffi (>= 1.0.0)
      rack (>= 1.0.0)
    msgpack-jruby (1.3.2-java)
    msgpack-rpc-over-http-jruby (0.0.7)
      celluloid (~> 0.12.3)
      httpclient
      msgpack-jruby (~> 1.3.2)
      rack
    multi_json (1.10.1)
    norikra (1.1.1-java)
      erubis
      mizuno (~> 0.6)
      msgpack-rpc-over-http-jruby (>= 0.0.6)
      norikra-client-jruby (>= 1.1.0)
      rack
      sinatra
      sinatra-contrib
      thor
    norikra-client-jruby (1.1.0-java)
      ltsv
      msgpack-rpc-over-http-jruby (>= 0.0.7)
      thor
    rack (1.5.2)
    rack-protection (1.5.3)
      rack
    rack-test (0.6.2)
      rack (>= 1.0)
    sinatra (1.4.5)
      rack (~> 1.4)
      rack-protection (~> 1.4)
      tilt (~> 1.3, >= 1.3.4)
    sinatra-contrib (1.4.2)
      backports (>= 2.0)
      multi_json
      rack-protection
      rack-test
      sinatra (~> 1.4.0)
      tilt (~> 1.3)
    thor (0.19.1)
    tilt (1.4.1)
    timers (4.0.1)
      hitimes

PLATFORMS
  java

DEPENDENCIES
  norikra
